GEM
  remote: https://rubygems.org/
  specs:
    glu (8.2.2)
    glut (8.2.2)
    opengl (0.9.2)
    require_all (1.3.3)

PLATFORMS
  ruby

DEPENDENCIES
  glu (~> 8.2)
  glut (~> 8.2)
  opengl (~> 0.9)
  require_all

BUNDLED WITH
   1.13.3
