GEM
  remote: https://rubygems.org/
  specs:
    glu (8.2.2)
    glut (8.2.2)
    opengl (0.9.2)

PLATFORMS
  ruby

DEPENDENCIES
  glu (~> 8.2)
  glut (~> 8.2)
  opengl (~> 0.9)

BUNDLED WITH
   1.13.3
